STORAGE: NONE
RESTRICTION: || (== net6.0) (== netstandard2.0) (== netstandard2.1)
NUGET
  remote: ../Nemerle.Core/bin/Release
    Nemerle.Core (1.2.0)
